PATH
  remote: .
  specs:
    luogu (0.1.1)
      dotenv (~> 2.8, >= 2.8.1)
      ruby-openai (~> 3.7)
      tty-prompt (~> 0.23.1)

GEM
  remote: https://rubygems.org/
  specs:
    dotenv (2.8.1)
    httparty (0.21.0)
      mini_mime (>= 1.0.0)
      multi_xml (>= 0.5.2)
    mini_mime (1.1.2)
    multi_xml (0.6.0)
    pastel (0.8.0)
      tty-color (~> 0.5)
    rake (13.0.6)
    ruby-openai (3.7.0)
      httparty (>= 0.18.1)
    tty-color (0.6.0)
    tty-cursor (0.7.1)
    tty-prompt (0.23.1)
      pastel (~> 0.8)
      tty-reader (~> 0.8)
    tty-reader (0.9.0)
      tty-cursor (~> 0.7)
      tty-screen (~> 0.8)
      wisper (~> 2.0)
    tty-screen (0.8.1)
    wisper (2.0.1)

PLATFORMS
  arm64-darwin-22
  ruby
  x86_64-linux

DEPENDENCIES
  luogu!
  rake (~> 13.0)

BUNDLED WITH
   2.4.6
